PATH
  remote: .
  specs:
    gt (0.1.0)
      thor

GEM
  remote: https://rubygems.org/
  specs:
    rake (10.5.0)
    thor (1.1.0)

PLATFORMS
  ruby

DEPENDENCIES
  bundler (~> 1.17)
  gt!
  rake (~> 10.0)

BUNDLED WITH
   1.17.2
